GEM
  remote: http://rubygems.org/
  specs:
    activesupport (3.0.0)
    git (1.2.5)
    jeweler (1.8.3)
      bundler (~> 1.0)
      git (>= 1.2.5)
      rake
      rdoc
    json (1.6.6)
    macaddr (1.5.0)
      systemu (>= 2.4.0)
    minitest (2.11.4)
    rake (0.9.2.2)
    rdoc (3.12)
      json (~> 1.4)
    systemu (2.5.0)
    uuid (2.3.5)
      macaddr (~> 1.0)

PLATFORMS
  ruby

DEPENDENCIES
  activesupport
  bundler
  jeweler
  minitest
  uuid
